GEM
  remote: https://rubygems.org/
  specs:
    json (2.3.1)

PLATFORMS
  ruby

DEPENDENCIES
  json

BUNDLED WITH
   1.17.2
